GEM
  remote: http://rubygems.org/
  specs:
    bson_ext (1.3.1)
    curb (0.7.15)
    dalli (1.0.4)
    erubis (2.7.0)
    less (1.2.21)
      mutter (>= 0.4.2)
      treetop (>= 1.4.2)
    mutter (0.5.3)
    polyglot (0.3.1)
    rack (1.2.1)
    sinatra (1.2.6)
      rack (~> 1.1)
      tilt (>= 1.2.2, < 2.0)
    tilt (1.3)
    treetop (1.4.9)
      polyglot (>= 0.3.1)

PLATFORMS
  ruby

DEPENDENCIES
  bson_ext
  curb
  dalli
  erubis
  less
  sinatra
