GEM
  remote: http://rubygems.org/
  specs:
    bson_ext (1.4.0)
    curb (0.7.16)
    dalli (1.1.3)
    erubis (2.7.0)
    less (2.0.7)
      mutter (>= 0.4.2)
      treetop (>= 1.4.2)
    mutter (0.5.3)
    polyglot (0.3.3)
    rack (1.3.5)
    sinatra (1.3.1)
      rack (~> 1.1)
      tilt (>= 1.2.2, < 2.0)
    tilt (1.3.3)
    treetop (1.4.10)
      polyglot (>= 0.3.1)

PLATFORMS
  ruby

DEPENDENCIES
  bson_ext
  curb
  dalli
  erubis
  less
  sinatra
